GEM
  remote: https://rubygems.org/
  specs:
    netaddr (1.5.1)

PLATFORMS
  ruby

DEPENDENCIES
  netaddr

BUNDLED WITH
   1.11.2
